PATH
  remote: .
  specs:
    leap (0.4.3)
      activesupport (>= 3.0.0.beta2)
      blockenspiel (>= 0.3.2)

GEM
  remote: http://rubygems.org/
  specs:
    activesupport (3.0.1)
    blockenspiel (0.4.1)
    characterizable (0.0.17)
      activesupport (>= 2.3.5)
      blockenspiel (>= 0.3.2)
    shoulda (2.11.3)

PLATFORMS
  ruby

DEPENDENCIES
  activesupport (>= 3.0.0.beta2)
  blockenspiel (>= 0.3.2)
  characterizable (>= 0.0.11)
  leap!
  shoulda
